GEM
  remote: https://rubygems.org/
  specs:
    erubis (2.7.0)
    kgio (2.8.1)
    modularity (0.6.1)
    multi_json (1.8.2)
    mustermann (2.0.2)
      ruby2_keywords (~> 0.0.1)
    oj (2.1.7)
    rack (2.2.4)
    rack-protection (2.2.3)
      rack
    raindrops (0.12.0)
    ruby2_keywords (0.0.5)
    sinatra (2.2.3)
      mustermann (~> 2.0)
      rack (~> 2.2)
      rack-protection (= 2.2.3)
      tilt (~> 2.0)
    tilt (2.0.11)
    tzinfo (0.3.38)
    unicorn (4.7.0)
      kgio (~> 2.6)
      rack
      raindrops (~> 0.7)

PLATFORMS
  ruby

DEPENDENCIES
  erubis (~> 2.7)
  modularity (~> 0.6)
  multi_json (~> 1.7)
  oj (~> 2.0)
  sinatra (~> 2.2)
  tzinfo (~> 0.3)
  unicorn (~> 4.6)
