GEM
  remote: https://rubygems.org/
  specs:
    erubis (2.7.0)
    kgio (2.8.1)
    modularity (0.6.1)
    multi_json (1.8.2)
    oj (2.1.7)
    rack (1.5.2)
    rack-protection (1.5.1)
      rack
    raindrops (0.12.0)
    sinatra (1.4.4)
      rack (~> 1.4)
      rack-protection (~> 1.4)
      tilt (~> 1.3, >= 1.3.4)
    tilt (1.4.1)
    tzinfo (0.3.61)
    unicorn (4.7.0)
      kgio (~> 2.6)
      rack
      raindrops (~> 0.7)

PLATFORMS
  ruby

DEPENDENCIES
  erubis (~> 2.7)
  modularity (~> 0.6)
  multi_json (~> 1.7)
  oj (~> 2.0)
  sinatra (~> 1.4)
  tzinfo (~> 0.3)
  unicorn (~> 4.6)
